GIT
  remote: git://github.com/darthdeus/carrierwave.git
  revision: be594ea374a66be25e0cd63e58176987803ccbc4
  ref: be594ea
  specs:
    carrierwave (0.6.0.beta)
      activemodel (>= 3.2.0)
      activesupport (>= 3.2.0)

GEM
  remote: http://rubygems.org/
  specs:
    actionmailer (3.2.6)
      actionpack (= 3.2.6)
      mail (~> 2.4.4)
    actionpack (3.2.6)
      activemodel (= 3.2.6)
      activesupport (= 3.2.6)
      builder (~> 3.0.0)
      erubis (~> 2.7.0)
      journey (~> 1.0.1)
      rack (~> 1.4.0)
      rack-cache (~> 1.2)
      rack-test (~> 0.6.1)
      sprockets (~> 2.1.3)
    activemodel (3.2.6)
      activesupport (= 3.2.6)
      builder (~> 3.0.0)
    activerecord (3.2.6)
      activemodel (= 3.2.6)
      activesupport (= 3.2.6)
      arel (~> 3.0.2)
      tzinfo (~> 0.3.29)
    activeresource (3.2.6)
      activemodel (= 3.2.6)
      activesupport (= 3.2.6)
    activesupport (3.2.6)
      i18n (~> 0.6)
      multi_json (~> 1.0)
    acts-as-taggable-on (2.1.1)
      rails
    addressable (2.2.7)
    airbrake (3.0.9)
      activesupport
      builder
    arel (3.0.2)
    bcrypt-ruby (3.0.1)
    bootstrap-sass (2.0.3.1)
    bourbon (1.4.0)
      sass (>= 3.1)
    builder (3.0.0)
    cancan (1.6.7)
    capistrano (2.11.2)
      highline
      net-scp (>= 1.0.0)
      net-sftp (>= 2.0.0)
      net-ssh (>= 2.0.14)
      net-ssh-gateway (>= 1.1.0)
    capybara (1.1.2)
      mime-types (>= 1.16)
      nokogiri (>= 1.3.3)
      rack (>= 1.0.0)
      rack-test (>= 0.5.4)
      selenium-webdriver (~> 2.0)
      xpath (~> 0.1.4)
    capybara-webkit (0.11.0)
      capybara (>= 1.0.0, < 1.2)
      json
    childprocess (0.3.1)
      ffi (~> 1.0.6)
    coderay (1.0.5)
    coffee-rails (3.2.2)
      coffee-script (>= 2.2.0)
      railties (~> 3.2.0)
    coffee-script (2.2.0)
      coffee-script-source
      execjs
    coffee-script-source (1.2.0)
    cucumber (1.1.9)
      builder (>= 2.1.2)
      diff-lcs (>= 1.1.2)
      gherkin (~> 2.9.0)
      json (>= 1.4.6)
      term-ansicolor (>= 1.0.6)
    cucumber-rails (1.3.0)
      capybara (>= 1.1.2)
      cucumber (>= 1.1.8)
      nokogiri (>= 1.5.0)
    database_cleaner (0.7.2)
    diff-lcs (1.1.3)
    erubis (2.7.0)
    excon (0.12.0)
    execjs (1.3.0)
      multi_json (~> 1.0)
    factory_girl (2.6.4)
      activesupport (>= 2.3.9)
    factory_girl_rails (1.7.0)
      factory_girl (~> 2.6.0)
      railties (>= 3.0.0)
    faker (1.0.1)
      i18n (~> 0.4)
    ffi (1.0.11)
    fog (1.3.0)
      builder
      excon (~> 0.12.0)
      formatador (~> 0.2.0)
      mime-types
      multi_json (~> 1.0)
      net-scp (~> 1.0.4)
      net-ssh (>= 2.1.3)
      nokogiri (~> 1.5.0)
      ruby-hmac
    formatador (0.2.1)
    gherkin (2.9.1)
      json (>= 1.4.6)
    gon (2.3.0)
      actionpack (>= 2.3.0)
      json
    guard (1.0.1)
      ffi (>= 0.5.0)
      thor (~> 0.14.6)
    guard-cucumber (0.7.5)
      cucumber (>= 0.10)
      guard (>= 0.8.3)
    guard-rspec (0.6.0)
      guard (>= 0.10.0)
    guard-spork (0.5.2)
      guard (>= 0.10.0)
      spork (>= 0.8.4)
    highline (1.6.11)
    hike (1.2.1)
    i18n (0.6.0)
    journey (1.0.4)
    jquery-datatables-rails (1.9.1.3)
      jquery-rails
    jquery-rails (2.0.1)
      railties (>= 3.2.0, < 5.0)
      thor (~> 0.14)
    json (1.7.3)
    kaminari (0.13.0)
      actionpack (>= 3.0.0)
      activesupport (>= 3.0.0)
      railties (>= 3.0.0)
    kgio (2.7.3)
    launchy (2.1.0)
      addressable (~> 2.2.6)
    libv8 (3.3.10.4)
    mail (2.4.4)
      i18n (>= 0.4.0)
      mime-types (~> 1.16)
      treetop (~> 1.4.8)
    memcache-client (1.8.5)
    method_source (0.7.1)
    mime-types (1.19)
    mini_magick (3.4)
      subexec (~> 0.2.1)
    multi_json (1.3.6)
    mysql2 (0.3.11)
    net-scp (1.0.4)
      net-ssh (>= 1.99.1)
    net-sftp (2.0.5)
      net-ssh (>= 2.0.9)
    net-ssh (2.3.0)
    net-ssh-gateway (1.1.0)
      net-ssh (>= 1.99.1)
    nokogiri (1.5.2)
    polyglot (0.3.3)
    populator (1.0.0)
    pry (0.9.8.4)
      coderay (~> 1.0.5)
      method_source (~> 0.7.1)
      slop (>= 2.4.4, < 3)
    pry-doc (0.4.1)
      pry (>= 0.9.0)
      yard (~> 0.7.4)
    pry-nav (0.2.0)
      pry (~> 0.9.8.1)
    pry-rails (0.1.6)
      pry
    rack (1.4.1)
    rack-cache (1.2)
      rack (>= 0.4)
    rack-ssl (1.3.2)
      rack
    rack-test (0.6.1)
      rack (>= 1.0)
    rails (3.2.6)
      actionmailer (= 3.2.6)
      actionpack (= 3.2.6)
      activerecord (= 3.2.6)
      activeresource (= 3.2.6)
      activesupport (= 3.2.6)
      bundler (~> 1.0)
      railties (= 3.2.6)
    railties (3.2.6)
      actionpack (= 3.2.6)
      activesupport (= 3.2.6)
      rack-ssl (~> 1.3.2)
      rake (>= 0.8.7)
      rdoc (~> 3.4)
      thor (>= 0.14.6, < 2.0)
    raindrops (0.8.0)
    rake (0.9.2.2)
    rb-fchange (0.0.5)
      ffi
    rb-fsevent (0.9.0)
    rb-inotify (0.8.8)
      ffi (>= 0.5.0)
    rdiscount (1.6.8)
    rdoc (3.12)
      json (~> 1.4)
    rest-client (1.6.7)
      mime-types (>= 1.16)
    rolify (2.2.2)
      activerecord (>= 3.1.0)
    rspec (2.9.0)
      rspec-core (~> 2.9.0)
      rspec-expectations (~> 2.9.0)
      rspec-mocks (~> 2.9.0)
    rspec-core (2.9.0)
    rspec-expectations (2.9.0)
      diff-lcs (~> 1.1.3)
    rspec-mocks (2.9.0)
    rspec-rails (2.9.0)
      actionpack (>= 3.0)
      activesupport (>= 3.0)
      railties (>= 3.0)
      rspec (~> 2.9.0)
    ruby-hmac (0.4.0)
    rubyzip (0.9.6.1)
    rvm-capistrano (1.0.2)
      capistrano (>= 2.0.0)
    sass (3.1.15)
    sass-rails (3.2.5)
      railties (~> 3.2.0)
      sass (>= 3.1.10)
      tilt (~> 1.3)
    selenium-webdriver (2.20.0)
      childprocess (>= 0.2.5)
      ffi (~> 1.0)
      multi_json (~> 1.0)
      rubyzip
    simple_form (2.0.2)
      actionpack (~> 3.0)
      activemodel (~> 3.0)
    simplecov (0.6.1)
      multi_json (~> 1.0)
      simplecov-html (~> 0.5.3)
    simplecov-html (0.5.3)
    slim (1.1.1)
      temple (~> 0.4.0)
      tilt (~> 1.3.2)
    slim-rails (1.0.3)
      actionpack (~> 3.0)
      activesupport (~> 3.0)
      railties (~> 3.0)
      slim (~> 1.0)
    slop (2.4.4)
    spork (1.0.0rc2)
    sprockets (2.1.3)
      hike (~> 1.2)
      rack (~> 1.0)
      tilt (~> 1.1, != 1.3.0)
    subexec (0.2.1)
    temple (0.4.0)
    term-ansicolor (1.0.7)
    therubyracer (0.9.10)
      libv8 (~> 3.3.10)
    thor (0.14.6)
    thumbs_up (0.5.3)
      activerecord
    tilt (1.3.3)
    treetop (1.4.10)
      polyglot
      polyglot (>= 0.3.1)
    tzinfo (0.3.33)
    uglifier (1.2.3)
      execjs (>= 0.3.0)
      multi_json (>= 1.0.2)
    unicorn (4.2.0)
      kgio (~> 2.6)
      rack
      raindrops (~> 0.7)
    xpath (0.1.4)
      nokogiri (~> 1.3)
    yard (0.7.5)

PLATFORMS
  ruby

DEPENDENCIES
  acts-as-taggable-on (~> 2.1.0)
  airbrake (~> 3.0.9)
  bcrypt-ruby (~> 3.0.1)
  bootstrap-sass (~> 2.0.3.1)
  bourbon (~> 1.4.0)
  cancan (~> 1.6.7)
  capistrano (~> 2.11.2)
  capybara (~> 1.1.2)
  capybara-webkit (~> 0.11.0)
  carrierwave!
  coffee-rails (~> 3.2.2)
  cucumber-rails
  database_cleaner (~> 0.7.2)
  factory_girl_rails (~> 1.7.0)
  faker (~> 1.0.1)
  fog (~> 1.3.0)
  gon (~> 2.3.0)
  guard-cucumber
  guard-rspec
  guard-spork
  jquery-datatables-rails (~> 1.9.1.3)
  jquery-rails (~> 2.0.1)
  kaminari (~> 0.13.0)
  launchy (~> 2.1.0)
  memcache-client (~> 1.8.5)
  mini_magick (~> 3.4)
  mysql2 (~> 0.3.11)
  populator (~> 1.0.0)
  pry (~> 0.9.8.4)
  pry-doc (~> 0.4.1)
  pry-nav (~> 0.2.0)
  pry-rails (~> 0.1.6)
  rails (~> 3.2.6)
  rb-fchange
  rb-fsevent
  rb-inotify
  rdiscount (~> 1.6.8)
  rest-client (~> 1.6.7)
  rolify (~> 2.2.2)
  rspec-rails (~> 2.9.0)
  rvm-capistrano (~> 1.0.2)
  sass-rails (~> 3.2.5)
  simple_form (~> 2.0.1)
  simplecov (~> 0.6.1)
  slim-rails (~> 1.0.3)
  spork (> 0.9.0.rc)
  therubyracer
  thumbs_up (~> 0.5.3)
  uglifier (~> 1.2.3)
  unicorn (~> 4.2.0)
